GEM
  remote: https://rubygems.org/
  specs:
    charlock_holmes (0.7.5)
    commonmarker (0.17.7.1)
      ruby-enum (~> 0.5)
    concurrent-ruby (1.0.5)
    diff-lcs (1.3)
    gemojione (3.3.0)
      json
    github-markup (1.6.2)
    gitlab-grit (2.8.2)
      charlock_holmes (~> 0.6)
      diff-lcs (~> 1.1)
      mime-types (>= 1.16)
      posix-spawn (~> 0.3)
    gollum (4.1.2)
      gemojione (~> 3.2)
      gollum-lib (>= 4.2.7)
      kramdown (~> 1.9.0)
      mustache (>= 0.99.5, < 1.0.0)
      sinatra (~> 1.4, >= 1.4.4)
      useragent (~> 0.16.2)
    gollum-grit_adapter (1.0.1)
      gitlab-grit (~> 2.7, >= 2.7.1)
    gollum-lib (4.2.7)
      gemojione (~> 3.2)
      github-markup (~> 1.6)
      gollum-grit_adapter (~> 1.0)
      nokogiri (>= 1.6.1, < 2.0)
      rouge (~> 2.1)
      sanitize (~> 2.1)
      stringex (~> 2.6)
    i18n (0.9.3)
      concurrent-ruby (~> 1.0)
    json (2.1.0)
    kgio (2.11.1)
    kramdown (1.9.0)
    mime-types (3.1)
      mime-types-data (~> 3.2015)
    mime-types-data (3.2016.0521)
    mini_portile2 (2.3.0)
    mustache (0.99.8)
    nokogiri (1.8.1)
      mini_portile2 (~> 2.3.0)
    posix-spawn (0.3.13)
    rack (1.6.8)
    rack-protection (1.5.3)
      rack
    raindrops (0.19.0)
    rouge (2.2.1)
    ruby-enum (0.7.1)
      i18n
    sanitize (2.1.0)
      nokogiri (>= 1.4.4)
    sinatra (1.4.8)
      rack (~> 1.5)
      rack-protection (~> 1.4)
      tilt (>= 1.3, < 3)
    stringex (2.8.2)
    tilt (2.0.8)
    unicorn (5.4.0)
      kgio (~> 2.6)
      raindrops (~> 0.7)
    useragent (0.16.9)

PLATFORMS
  ruby

DEPENDENCIES
  commonmarker
  gollum
  unicorn

BUNDLED WITH
   1.16.1
